GEM
  remote: http://rubygems.org/
  specs:
    execjs (1.4.0)
      multi_json (~> 1.0)
    jshintrb (0.1.1)
      execjs
      multi_json
      rake
    multi_json (1.3.6)
    rake (0.9.2.2)

PLATFORMS
  ruby

DEPENDENCIES
  jshintrb
  rake
